GEM
  remote: http://rubygems.org/
  specs:
    json (1.5.4)
    rack (1.3.2)

PLATFORMS
  ruby

DEPENDENCIES
  json
  rack
